GIT
  remote: https://github.com/ctide/ri_cal.git
  revision: 8f3f73abfcfe4cb80099afc0d72b4693b5ef4776
  branch: master
  specs:
    ri_cal (0.8.8)

GIT
  remote: https://github.com/paneq/calendar_date_select.git
  revision: 8e7ec79435a68665df40b14bd90f47e6ac5e9135
  branch: rails3test
  specs:
    calendar_date_select (1.16.1)

GEM
  remote: http://rubygems.org/
  specs:
    abstract (1.0.0)
    actionmailer (3.0.7)
      actionpack (= 3.0.7)
      mail (~> 2.2.15)
    actionpack (3.0.7)
      activemodel (= 3.0.7)
      activesupport (= 3.0.7)
      builder (~> 2.1.2)
      erubis (~> 2.6.6)
      i18n (~> 0.5.0)
      rack (~> 1.2.1)
      rack-mount (~> 0.6.14)
      rack-test (~> 0.5.7)
      tzinfo (~> 0.3.23)
    activemodel (3.0.7)
      activesupport (= 3.0.7)
      builder (~> 2.1.2)
      i18n (~> 0.5.0)
    activerecord (3.0.7)
      activemodel (= 3.0.7)
      activesupport (= 3.0.7)
      arel (~> 2.0.2)
      tzinfo (~> 0.3.23)
    activeresource (3.0.7)
      activemodel (= 3.0.7)
      activesupport (= 3.0.7)
    activesupport (3.0.7)
    arel (2.0.10)
    aws-s3 (0.6.2)
      builder
      mime-types
      xml-simple
    bcrypt-ruby (2.1.4)
    builder (2.1.2)
    capybara (1.0.0.beta1)
      mime-types (>= 1.16)
      nokogiri (>= 1.3.3)
      rack (>= 1.0.0)
      rack-test (>= 0.5.4)
      selenium-webdriver (>= 0.0.27)
      xpath (~> 0.1.4)
    childprocess (0.1.9)
      ffi (~> 1.0.6)
    configuration (1.2.0)
    cucumber (0.10.3)
      builder (>= 2.1.2)
      diff-lcs (>= 1.1.2)
      gherkin (>= 2.3.8)
      json (>= 1.4.6)
      term-ansicolor (>= 1.0.5)
    cucumber-rails (0.5.1)
      capybara (>= 1.0.0.beta1)
      cucumber (>= 0.10.3)
      nokogiri (>= 1.4.4)
      rack-test (>= 0.5.7)
    daemons (1.1.3)
    delayed_job (2.1.4)
      activesupport (~> 3.0)
      daemons
    devise (1.2.rc)
      bcrypt-ruby (~> 2.1.2)
      orm_adapter (~> 0.0.2)
      warden (~> 1.0.2)
    diff-lcs (1.1.2)
    erubis (2.6.6)
      abstract (>= 1.0.0)
    event-calendar (2.3.2)
    ffi (1.0.9)
    gherkin (2.3.10)
      json (>= 1.4.6)
    haml (3.0.25)
    heroku (1.17.17)
      json (~> 1.4.6)
      launchy (~> 0.3.2)
      rest-client (< 1.7.0, >= 1.4.0)
    heroku_san (1.2.0)
      heroku
      rails (>= 2)
    hoptoad_notifier (2.4.11)
      activesupport
      builder
    i18n (0.5.0)
    json (1.4.6)
    json_pure (1.5.1)
    launchy (0.3.7)
      configuration (>= 0.0.5)
      rake (>= 0.8.1)
    mail (2.2.19)
      activesupport (>= 2.3.6)
      i18n (>= 0.4.0)
      mime-types (~> 1.16)
      treetop (~> 1.4.8)
    mime-types (1.16)
    nokogiri (1.4.4)
    orm_adapter (0.0.5)
    paperclip (2.3.11)
      activerecord (>= 2.3.0)
      activesupport (>= 2.3.2)
    pg (0.11.0)
    polyglot (0.3.1)
    rack (1.2.3)
    rack-mount (0.6.14)
      rack (>= 1.0.0)
    rack-test (0.5.7)
      rack (>= 1.0)
    rails (3.0.7)
      actionmailer (= 3.0.7)
      actionpack (= 3.0.7)
      activerecord (= 3.0.7)
      activeresource (= 3.0.7)
      activesupport (= 3.0.7)
      bundler (~> 1.0)
      railties (= 3.0.7)
    railties (3.0.7)
      actionpack (= 3.0.7)
      activesupport (= 3.0.7)
      rake (>= 0.8.7)
      thor (~> 0.14.4)
    rake (0.8.7)
    rest-client (1.6.1)
      mime-types (>= 1.16)
    rspec (2.6.0)
      rspec-core (~> 2.6.0)
      rspec-expectations (~> 2.6.0)
      rspec-mocks (~> 2.6.0)
    rspec-core (2.6.3)
    rspec-expectations (2.6.0)
      diff-lcs (~> 1.1.2)
    rspec-mocks (2.6.0)
    rubyzip (0.9.4)
    selenium-webdriver (0.2.1)
      childprocess (>= 0.1.7)
      ffi (>= 1.0.7)
      json_pure
      rubyzip
    sequel (3.20.0)
    simple_form (1.4.0)
    sinatra (1.0)
      rack (>= 1.0)
    sqlite3 (1.3.3)
    sqlite3-ruby (1.3.3)
      sqlite3 (>= 1.3.3)
    taps (0.3.21)
      activesupport (>= 2.1.0)
      rack (>= 1.0.1)
      rest-client (< 1.7.0, >= 1.4.0)
      sequel (~> 3.20.0)
      sinatra (~> 1.0.0)
      sqlite3-ruby (~> 1.2)
    term-ansicolor (1.0.5)
    thor (0.14.6)
    tiny_mce (0.1.4)
    treetop (1.4.9)
      polyglot (>= 0.3.1)
    tzinfo (0.3.27)
    warden (1.0.4)
      rack (>= 1.0)
    will_paginate (2.3.15)
    xml-simple (1.0.16)
    xpath (0.1.4)
      nokogiri (~> 1.3)

PLATFORMS
  ruby

DEPENDENCIES
  aws-s3
  calendar_date_select!
  capybara
  cucumber
  cucumber-rails
  delayed_job
  devise (= 1.2.rc)
  event-calendar (= 2.3.2)
  haml (= 3.0.25)
  heroku (= 1.17.17)
  heroku_san
  hoptoad_notifier
  paperclip
  pg
  rails (= 3.0.7)
  rake (~> 0.8.7)
  ri_cal!
  rspec
  simple_form
  taps (= 0.3.21)
  tiny_mce
  will_paginate (= 2.3.15)
